GEM
  remote: https://rubygems.org/
  specs:
    mustermann (1.0.3)
    rack (2.0.7)
    rack-protection (2.0.5)
      rack
    sinatra (2.0.5)
      mustermann (~> 1.0)
      rack (~> 2.0)
      rack-protection (= 2.0.5)
      tilt (~> 2.0)
    sorbet (0.4.4386)
      sorbet-static (= 0.4.4386)
    sorbet-runtime (0.4.4386)
    sorbet-static (0.4.4386-universal-darwin-14)
    tilt (2.0.9)

PLATFORMS
  ruby

DEPENDENCIES
  sinatra
  sorbet (= 0.4.4386)
  sorbet-runtime (= 0.4.4386)

BUNDLED WITH
   1.17.2
